GIT
  remote: https://github.com/makeorbreak-io/mob-ai-engine-ruby.git
  revision: 126b745bf6d4c2d8aa49dbbf00fc935646988b19
  specs:
    multipaint-engine (0.1.0)

GEM
  remote: https://rubygems.org/
  specs:
    foreman (0.84.0)
      thor (~> 0.19.1)
    mustermann (1.1.1)
      ruby2_keywords (~> 0.0.1)
    parallel (1.12.1)
    pg (1.0.0)
    rack (2.2.3)
    rack-protection (2.2.0)
      rack
    ruby2_keywords (0.0.5)
    sequel (5.6.0)
    sinatra (2.2.0)
      mustermann (~> 1.0)
      rack (~> 2.2)
      rack-protection (= 2.2.0)
      tilt (~> 2.0)
    thor (0.19.4)
    tilt (2.0.10)

PLATFORMS
  ruby

DEPENDENCIES
  foreman
  multipaint-engine!
  parallel
  pg
  sequel
  sinatra

BUNDLED WITH
   1.16.1
